GEM
  specs:

PLATFORMS
  ruby

DEPENDENCIES

RUBY VERSION
   ruby 2.4.1p111

BUNDLED WITH
   1.15.3
